PATH
  remote: .
  specs:
    tire (0.6.2)
      activemodel (>= 3.0)
      activesupport
      ansi
      hashr (~> 0.0.19)
      multi_json (~> 1.3)
      rake
      rest-client

GEM
  remote: http://rubygems.org/
  specs:
    active_model_serializers (0.9.9)
      activemodel (>= 3.2)
      concurrent-ruby (~> 1.0)
    activemodel (3.2.22.5)
      activesupport (= 3.2.22.5)
      builder (~> 3.0.0)
    activerecord (3.2.22.5)
      activemodel (= 3.2.22.5)
      activesupport (= 3.2.22.5)
      arel (~> 3.0.2)
      tzinfo (~> 0.3.29)
    activesupport (3.2.22.5)
      i18n (~> 0.6, >= 0.6.4)
      multi_json (~> 1.0)
    ansi (1.5.0)
    arel (3.0.3)
    base64 (0.1.1)
    bson (1.12.5)
    bson_ext (1.12.5)
      bson (~> 1.12.5)
    builder (3.0.4)
    byebug (11.1.3)
    concurrent-ruby (1.2.2)
    connection_pool (2.4.1)
    curb (1.0.5)
    domain_name (0.5.20190701)
      unf (>= 0.0.5, < 1.0.0)
    faraday (2.7.11)
      base64
      faraday-net_http (>= 2.0, < 3.1)
      ruby2_keywords (>= 0.0.4)
    faraday-net_http (3.0.2)
    hashr (0.0.22)
    http-accept (1.7.0)
    http-cookie (1.0.5)
      domain_name (~> 0.5)
    i18n (0.9.5)
      concurrent-ruby (~> 1.0)
    metaclass (0.0.4)
    mime-types (3.5.1)
      mime-types-data (~> 3.2015)
    mime-types-data (3.2023.1003)
    minitest (2.12.1)
    mocha (0.14.0)
      metaclass (~> 0.0.1)
    mongo (1.12.5)
      bson (= 1.12.5)
    mongoid (2.8.1)
      activemodel (~> 3.1)
      mongo (~> 1.9)
      tzinfo (~> 0.3.22)
    multi_json (1.15.0)
    netrc (0.11.0)
    oj (3.16.1)
    power_assert (2.0.3)
    rake (13.0.6)
    redis (5.0.7)
      redis-client (>= 0.9.0)
    redis-client (0.17.0)
      connection_pool
    redis-persistence (0.1.0)
      activemodel (> 3.0)
      hashr (~> 0.0.19)
      multi_json (~> 1.1)
      redis (> 2)
    rest-client (2.1.0)
      http-accept (>= 1.7.0, < 2.0)
      http-cookie (>= 1.0.2, < 2.0)
      mime-types (>= 1.16, < 4.0)
      netrc (~> 0.8)
    ruby2_keywords (0.0.5)
    shoulda-context (2.0.0)
    sqlite3 (1.6.7-x86_64-linux)
    test-unit (3.6.1)
      power_assert
    turn (0.9.6)
      ansi
    tzinfo (0.3.62)
    unf (0.1.4)
      unf_ext
    unf_ext (0.0.8.2)
    yajl-ruby (1.4.3)

PLATFORMS
  x86_64-linux

DEPENDENCIES
  active_model_serializers
  activerecord (>= 3.0)
  activerecord-jdbcsqlite3-adapter
  bson_ext
  byebug
  curb
  faraday
  jdbc-sqlite3
  minitest (~> 2.12)
  mocha (~> 0.13)
  mongoid (~> 2.2)
  oj
  redis-persistence
  rest-client
  shoulda-context
  sqlite3
  test-unit
  tire!
  turn (~> 0.9)
  yajl-ruby (~> 1.0)

BUNDLED WITH
   2.3.23
